GEM
  remote: https://rubygems.org/
  specs:
    activesupport (8.0.2)
      base64
      benchmark (>= 0.3)
      bigdecimal
      concurrent-ruby (~> 1.0, >= 1.3.1)
      connection_pool (>= 2.2.5)
      drb
      i18n (>= 1.6, < 2)
      logger (>= 1.4.2)
      minitest (>= 5.1)
      securerandom (>= 0.3)
      tzinfo (~> 2.0, >= 2.0.5)
      uri (>= 0.13.1)
    base64 (0.3.0)
    bcrypt (3.1.20)
    benchmark (0.4.1)
    bigdecimal (3.2.2)
    concurrent-ruby (1.3.5)
    connection_pool (2.5.3)
    dotenv (3.1.8)
    drb (2.2.3)
    i18n (1.14.7)
      concurrent-ruby (~> 1.0)
    logger (1.7.0)
    minitest (5.25.5)
    nio4r (2.7.4)
    pagy (9.3.5)
    pg (1.5.9)
    puma (6.6.0)
      nio4r (~> 2.0)
    rack (3.1.16)
    rack-test (2.2.0)
      rack (>= 1.3)
    roda (3.94.0)
      rack
    securerandom (0.4.1)
    sequel (5.94.0)
      bigdecimal
    tzinfo (2.0.6)
      concurrent-ruby (~> 1.0)
    uri (1.0.3)
    yt (0.34.0)
      activesupport

PLATFORMS
  arm64-darwin-24
  ruby

DEPENDENCIES
  bcrypt (~> 3.1)
  dotenv (~> 3.1)
  minitest (~> 5.24)
  pagy (~> 9.3)
  pg (~> 1.5)
  puma (~> 6.4)
  rack-test (~> 2.1)
  roda (~> 3.88)
  sequel (~> 5.80)
  yt (~> 0.34.0)

BUNDLED WITH
   2.6.7
